PATH
  remote: .
  specs:
    bzip2-ruby (0.2.6)

GEM
  remote: http://rubygems.org/
  specs:

PLATFORMS
  ruby

DEPENDENCIES
  bzip2-ruby!
